GEM
  remote: https://rubygems.org/
  specs:
    actionmailer (2.3.18)
      actionpack (= 2.3.18)
    actionpack (2.3.18)
      activesupport (= 2.3.18)
      rack (~> 1.1.0)
    activerecord (2.3.18)
      activesupport (= 2.3.18)
    activeresource (2.3.18)
      activesupport (= 2.3.18)
    activesupport (2.3.18)
    acts-as-taggable-on (2.1.0)
      rails
    capybara (1.1.4)
      mime-types (>= 1.16)
      nokogiri (>= 1.3.3)
      rack (>= 1.0.0)
      rack-test (>= 0.5.4)
      selenium-webdriver (~> 2.0)
      xpath (~> 0.1.4)
    childprocess (0.3.8)
      ffi (~> 1.0, >= 1.0.11)
    coderay (1.0.9)
    edavis10-object_daddy (0.4.3)
    fastercsv (1.5.5)
    ffi (1.4.0)
    fix_microsoft_links (0.1.2)
      rack (>= 1.1.1)
    gravatarify (3.0.0)
    i18n (0.4.2)
    json (1.8.0)
    liquid (2.3.0)
    metaclass (0.0.1)
    mime-types (1.21)
    mocha (0.12.1)
      metaclass (~> 0.0.1)
    multi_json (1.6.1)
    mysql (2.9.1)
    mysql2 (0.2.18)
    net-ldap (0.3.1)
    newrelic_rpm (3.5.7.59)
    nokogiri (1.5.6)
    pg (0.13.2)
    rack (1.1.6)
    rack-test (0.6.2)
      rack (>= 1.0)
    rails (2.3.18)
      actionmailer (= 2.3.18)
      actionpack (= 2.3.18)
      activerecord (= 2.3.18)
      activeresource (= 2.3.18)
      activesupport (= 2.3.18)
      rake (>= 0.8.3)
    rake (10.0.4)
    rdoc (3.12.1)
      json (~> 1.4)
    rmagick (2.13.2)
    ruby-openid (2.1.8)
    rubytree (0.5.3)
    rubyzip (0.9.9)
    selenium-webdriver (2.30.0)
      childprocess (>= 0.2.5)
      multi_json (~> 1.0)
      rubyzip
      websocket (~> 1.0.4)
    shoulda (2.10.3)
    sqlite3 (1.3.7)
    sqlite3-ruby (1.2.5)
    test-unit (2.5.4)
    tzinfo (0.3.35)
    websocket (1.0.7)
    xpath (0.1.4)
      nokogiri (~> 1.3)

PLATFORMS
  ruby

DEPENDENCIES
  activerecord-jdbcmysql-adapter
  activerecord-jdbcpostgresql-adapter
  activerecord-jdbcsqlite3-adapter
  acts-as-taggable-on (= 2.1.0)
  capybara (< 2.0.0)
  coderay (~> 1.0.0)
  edavis10-object_daddy
  fastercsv (~> 1.5.0)
  fix_microsoft_links
  gravatarify (~> 3.0.0)
  i18n (~> 0.4.2)
  jruby-openssl
  json (~> 1.8.0)
  liquid (~> 2.3.0)
  mocha (= 0.12.1)
  mysql
  mysql2 (~> 0.2.7)
  net-ldap (~> 0.3.1)
  newrelic_rpm
  pg
  rails (= 2.3.18)
  rdoc (>= 2.4.2)
  rmagick (>= 1.15.17)
  ruby-openid (~> 2.1.4)
  rubytree (~> 0.5.2)
  shoulda (~> 2.10.3)
  sqlite3
  sqlite3-ruby (< 1.3)
  test-unit
  tzinfo (~> 0.3.31)
